GEM
  remote: http://rubygems.org/
  specs:
    addressable (2.2.6)
    git (1.2.5)
    hpricot (0.8.4)
    jeweler (1.6.4)
      bundler (~> 1.0)
      git (>= 1.2.5)
      rake
    mime-types (1.17.2)
    rake (0.9.2.2)
    rcov (0.9.11)
    shoulda (2.11.3)

PLATFORMS
  ruby

DEPENDENCIES
  addressable
  bundler (~> 1.0.0)
  hpricot
  jeweler (~> 1.6.4)
  mime-types
  rcov
  shoulda
