GEM
  remote: http://rubygems.org/
  specs:
    addressable (2.2.6)
    git (1.2.5)
    jeweler (1.6.4)
      bundler (~> 1.0)
      git (>= 1.2.5)
      rake
    mechanize (2.0.1)
      net-http-digest_auth (~> 1.1, >= 1.1.1)
      net-http-persistent (~> 1.8)
      nokogiri (~> 1.4)
      webrobots (~> 0.0, >= 0.0.9)
    mime-types (1.17.2)
    net-http-digest_auth (1.2)
    net-http-persistent (1.9)
    nokogiri (1.5.0)
    rake (0.9.2.2)
    rcov (0.9.11)
    shoulda (2.11.3)
    webrobots (0.0.12)
      nokogiri (>= 1.4.4)

PLATFORMS
  ruby

DEPENDENCIES
  addressable
  bundler (~> 1.0.0)
  jeweler (~> 1.6.4)
  mechanize
  mime-types
  rcov
  shoulda
